GEM
  remote: http://rubygems.org/
  specs:
    Ascii85 (1.0.1)
    activemodel (3.0.9)
      activesupport (= 3.0.9)
      builder (~> 2.1.2)
      i18n (~> 0.5.0)
    activeresource (3.0.9)
      activemodel (= 3.0.9)
      activesupport (= 3.0.9)
    activesupport (3.0.9)
    builder (2.1.2)
    diff-lcs (1.1.3)
    ffi (1.0.11)
    growl (1.0.3)
    growl-rspec (0.0.1)
      growl
      rspec
    guard (1.0.1)
      ffi (>= 0.5.0)
      thor (~> 0.14.6)
    guard-rspec (0.7.0)
      guard (>= 0.10.0)
    guard-spork (0.6.1)
      guard (>= 0.10.0)
      spork (>= 0.8.4)
    i18n (0.5.0)
    pdf-reader (1.1.1)
      Ascii85 (~> 1.0.0)
      ruby-rc4
    pivotal_to_pdf-formatters (0.0.3)
    prawn (0.12.0)
      pdf-reader (>= 0.9.0)
      ttfunk (~> 1.0.2)
    rainbow (1.1.3)
    rake (0.9.2.2)
    rspec (2.11.0)
      rspec-core (~> 2.11.0)
      rspec-expectations (~> 2.11.0)
      rspec-mocks (~> 2.11.0)
    rspec-core (2.11.0)
    rspec-expectations (2.11.1)
      diff-lcs (~> 1.1.3)
    rspec-mocks (2.11.1)
    ruby-rc4 (0.1.5)
    spork (0.9.0)
    thor (0.14.6)
    ttfunk (1.0.3)

PLATFORMS
  ruby

DEPENDENCIES
  activeresource (= 3.0.9)
  growl-rspec
  guard-rspec
  guard-spork
  pivotal_to_pdf-formatters (>= 0.0.3)
  prawn
  rainbow
  rake
  rspec
  thor
